GEM
  remote: https://rubygems.org/
  specs:
    celluloid (0.13.0)
      timers (>= 1.0.0)
    connection_pool (1.0.0)
    daemons (1.1.9)
    eventmachine (1.0.3)
    multi_json (1.7.2)
    rack (1.4.5)
    rack-protection (1.5.0)
      rack
    redis (3.0.3)
    redis-namespace (1.2.1)
      redis (~> 3.0.0)
    sidekiq (2.11.1)
      celluloid (~> 0.13.0)
      connection_pool (~> 1.0)
      multi_json (~> 1)
      redis (~> 3)
      redis-namespace
    sinatra (1.3.6)
      rack (~> 1.4)
      rack-protection (~> 1.3)
      tilt (~> 1.3, >= 1.3.3)
    slim (1.3.8)
      temple (~> 0.6.3)
      tilt (~> 1.3.3)
    temple (0.6.4)
    thin (1.5.1)
      daemons (>= 1.0.9)
      eventmachine (>= 0.12.6)
      rack (>= 1.0.0)
    tilt (1.3.6)
    timers (1.1.0)

PLATFORMS
  ruby

DEPENDENCIES
  rack (~> 1.4.5)
  redis
  sidekiq
  sinatra (>= 1.3.0)
  slim
  thin
